GEM
  remote: http://gemcutter.org/
  remote: http://gems.github.com/
  remote: http://gems.rubyforge.org/
  specs:
    POpen4 (0.1.4)
      Platform (>= 0.4.0)
      open4
    Platform (0.4.0)
    RedCloth (4.2.7)
    actionmailer (2.3.11)
      actionpack (= 2.3.11)
    actionpack (2.3.11)
      activesupport (= 2.3.11)
      rack (~> 1.1.0)
    activerecord (2.3.11)
      activesupport (= 2.3.11)
    activeresource (2.3.11)
      activesupport (= 2.3.11)
    activesupport (2.3.11)
    after_commit (1.0.9)
      activerecord (< 3.0.0, >= 1.15.6)
    geokit (1.6.0)
    hpricot (0.8.4)
    jammit (0.6.3)
      yui-compressor (>= 0.9.3)
    mbleigh-subdomain-fu (0.5.3)
    memcache-client (1.8.5)
    nokogiri (1.4.2)
    open4 (1.0.1)
    pg (0.11.0)
    rack (1.1.2)
    rails (2.3.11)
      actionmailer (= 2.3.11)
      actionpack (= 2.3.11)
      activerecord (= 2.3.11)
      activeresource (= 2.3.11)
      activesupport (= 2.3.11)
      rake (>= 0.8.3)
    rake (0.9.2)
    riddle (1.3.3)
    rmagick (2.13.1)
    russian (0.2.7)
    thinking-sphinx (1.4.6)
      activerecord (< 3.0.0, >= 1.15.6)
      after_commit (>= 1.0.7)
      riddle (>= 1.3.3)
    will_paginate (2.3.12)
    ym4r (0.6.1)
    yui-compressor (0.9.6)
      POpen4 (>= 0.1.4)

PLATFORMS
  ruby

DEPENDENCIES
  RedCloth
  geokit
  hpricot
  jammit
  mbleigh-subdomain-fu
  memcache-client
  nokogiri (= 1.4.2)
  pg
  rails (= 2.3.11)
  rmagick (= 2.13.1)
  russian
  thinking-sphinx (>= 1.3.13)
  will_paginate (= 2.3.12)
  ym4r
